PATH
  remote: .
  specs:
    parse-stack (1.9.1)
      active_model_serializers (>= 0.9, < 1)
      activemodel (>= 5, < 7)
      activesupport (>= 5, < 8)
      faraday (< 1)
      faraday_middleware (>= 0.9, < 2)
      moneta (< 2)
      parallel (>= 1.6, < 2)
      rack (>= 2.0.6, < 3)

GEM
  remote: https://rubygems.org/
  specs:
    active_model_serializers (0.9.8)
      activemodel (>= 3.2)
      concurrent-ruby (~> 1.0)
    activemodel (6.1.7.1)
      activesupport (= 6.1.7.1)
    activesupport (6.1.7.1)
      concurrent-ruby (~> 1.0, >= 1.0.2)
      i18n (>= 1.6, < 2)
      minitest (>= 5.1)
      tzinfo (~> 2.0)
      zeitwerk (~> 2.3)
    ansi (1.5.0)
    binding_of_caller (1.0.0)
      debug_inspector (>= 0.0.1)
    builder (3.2.4)
    byebug (11.1.3)
    coderay (1.1.3)
    concurrent-ruby (1.1.10)
    daemons (1.4.1)
    debug_inspector (1.1.0)
    dotenv (2.8.1)
    eventmachine (1.2.7)
    faraday (0.17.5)
      multipart-post (>= 1.2, < 3)
    faraday_middleware (0.14.0)
      faraday (>= 0.7.4, < 1.0)
    i18n (1.12.0)
      concurrent-ruby (~> 1.0)
    method_source (1.0.0)
    minitest (5.16.2)
    minitest-reporters (1.5.0)
      ansi
      builder
      minitest (>= 5.0)
      ruby-progressbar
    moneta (1.5.1)
    multipart-post (2.2.3)
    parallel (1.22.1)
    pry (0.14.1)
      coderay (~> 1.1)
      method_source (~> 1.0)
    pry-nav (1.0.0)
      pry (>= 0.9.10, < 0.15)
    pry-stack_explorer (0.6.1)
      binding_of_caller (~> 1.0)
      pry (~> 0.13)
    rack (2.2.4)
    rake (13.0.6)
    redcarpet (3.5.1)
    redis (4.7.1)
    ruby-progressbar (1.11.0)
    rufo (0.13.0)
    thin (1.8.1)
      daemons (~> 1.0, >= 1.0.9)
      eventmachine (~> 1.0, >= 1.0.4)
      rack (>= 1, < 3)
    tzinfo (2.0.5)
      concurrent-ruby (~> 1.0)
    webrick (1.7.0)
    yard (0.9.28)
      webrick (~> 1.7.0)
    zeitwerk (2.6.6)

PLATFORMS
  ruby

DEPENDENCIES
  byebug
  dotenv
  minitest
  minitest-reporters
  parse-stack!
  pry
  pry-nav
  pry-stack_explorer
  rake
  redcarpet
  redis
  rufo
  thin
  yard (>= 0.9.11)

BUNDLED WITH
   2.3.19
